GEM
  specs:
    httparty (0.13.7)
      json (~> 1.8)
      multi_xml (>= 0.5.2)
    json (1.8.3)
    multi_xml (0.5.5)
    themoviedb-api (1.0.3)
      httparty (~> 0.13.7, >= 0.13.7)

PLATFORMS
  ruby

DEPENDENCIES
  themoviedb-api

BUNDLED WITH
   1.10.6
